GEM
  remote: https://rubygems.org/
  specs:
    connection_pool (2.2.5)
    rack (2.2.3)
    redis (4.5.1)
    sidekiq (6.4.0)
      connection_pool (>= 2.2.2)
      rack (~> 2.0)
      redis (>= 4.2.0)

PLATFORMS
  ruby

DEPENDENCIES
  sidekiq (~> 6.4)

BUNDLED WITH
   1.17.1
